GEM
  remote: https://rubygems.org/
  specs:
    foreman (0.84.0)
      thor (~> 0.19.1)
    json (2.1.0)
    mustermann (1.1.1)
      ruby2_keywords (~> 0.0.1)
    rack (2.2.3)
    rack-protection (2.2.0)
      rack
    ruby2_keywords (0.0.5)
    sinatra (2.2.0)
      mustermann (~> 1.0)
      rack (~> 2.2)
      rack-protection (= 2.2.0)
      tilt (~> 2.0)
    thor (0.19.4)
    tilt (2.0.10)

PLATFORMS
  ruby

DEPENDENCIES
  foreman
  json
  sinatra (= 2.2.0)

BUNDLED WITH
   1.15.3
